GEM
  remote: http://rubygems.org/
  specs:
    actionmailer (2.3.11)
      actionpack (= 2.3.11)
    actionpack (2.3.11)
      activesupport (= 2.3.11)
      rack (~> 1.1.0)
    activerecord (2.3.11)
      activesupport (= 2.3.11)
    activeresource (2.3.11)
      activesupport (= 2.3.11)
    activesupport (2.3.11)
    formtastic (0.9.7)
      actionpack (>= 2.3.0)
      activesupport (>= 2.3.0)
    haml (3.1.1)
    has_scope (0.4.2)
    inherited_resources (1.0.3)
      has_scope (~> 0.4.2)
      responders (~> 0.4.3)
    nokogiri (1.4.4)
    rack (1.1.2)
    rails (2.3.11)
      actionmailer (= 2.3.11)
      actionpack (= 2.3.11)
      activerecord (= 2.3.11)
      activeresource (= 2.3.11)
      activesupport (= 2.3.11)
      rake (>= 0.8.3)
    rake (0.8.7)
    responders (0.4.7)
    sqlite3 (1.3.3)
    sqlite3-ruby (1.3.3)
      sqlite3 (>= 1.3.3)

PLATFORMS
  ruby

DEPENDENCIES
  formtastic (= 0.9.7)
  haml (>= 2.0.0)
  inherited_resources (= 1.0.3)
  nokogiri
  rails (= 2.3.11)
  sqlite3-ruby
